GEM
  remote: https://rubygems.org/
  specs:
    addressable (2.8.0)
      public_suffix (>= 2.0.2, < 5.0)
    colorator (1.1.0)
    concurrent-ruby (1.1.9)
    em-websocket (0.5.2)
      eventmachine (>= 0.12.9)
      http_parser.rb (Sales_Web/wwwroot/> 0.6.0)
    eventmachine (1.2.7)
    eventmachine (1.2.7-x64-mingw32)
    ffi (1.15.4)
    ffi (1.15.4-x64-mingw32)
    forwardable-extended (2.6.0)
    http_parser.rb (0.6.0)
    i18n (1.8.10)
      concurrent-ruby (Sales_Web/wwwroot/> 1.0)
    jekyll (4.2.1)
      addressable (Sales_Web/wwwroot/> 2.4)
      colorator (Sales_Web/wwwroot/> 1.0)
      em-websocket (Sales_Web/wwwroot/> 0.5)
      i18n (Sales_Web/wwwroot/> 1.0)
      jekyll-sass-converter (Sales_Web/wwwroot/> 2.0)
      jekyll-watch (Sales_Web/wwwroot/> 2.0)
      kramdown (Sales_Web/wwwroot/> 2.3)
      kramdown-parser-gfm (Sales_Web/wwwroot/> 1.0)
      liquid (Sales_Web/wwwroot/> 4.0)
      mercenary (Sales_Web/wwwroot/> 0.4.0)
      pathutil (Sales_Web/wwwroot/> 0.9)
      rouge (Sales_Web/wwwroot/> 3.0)
      safe_yaml (Sales_Web/wwwroot/> 1.0)
      terminal-table (Sales_Web/wwwroot/> 2.0)
    jekyll-sass-converter (2.1.0)
      sassc (> 2.0.1, < 3.0)
    jekyll-seo-tag (2.7.1)
      jekyll (>= 3.8, < 5.0)
    jekyll-sitemap (1.4.0)
      jekyll (>= 3.7, < 5.0)
    jekyll-watch (2.2.1)
      listen (Sales_Web/wwwroot/> 3.0)
    kramdown (2.3.1)
      rexml
    kramdown-parser-gfm (1.1.0)
      kramdown (Sales_Web/wwwroot/> 2.0)
    liquid (4.0.3)
    listen (3.7.0)
      rb-fsevent (Sales_Web/wwwroot/> 0.10, >= 0.10.3)
      rb-inotify (Sales_Web/wwwroot/> 0.9, >= 0.9.10)
    mercenary (0.4.0)
    pathutil (0.16.2)
      forwardable-extended (Sales_Web/wwwroot/> 2.6)
    public_suffix (4.0.6)
    rb-fsevent (0.11.0)
    rb-inotify (0.10.1)
      ffi (Sales_Web/wwwroot/> 1.0)
    rexml (3.2.5)
    rouge (3.26.1)
    safe_yaml (1.0.5)
    sassc (2.4.0)
      ffi (Sales_Web/wwwroot/> 1.9)
    sassc (2.4.0-x64-mingw32)
      ffi (Sales_Web/wwwroot/> 1.9)
    terminal-table (2.0.0)
      unicode-display_width (Sales_Web/wwwroot/> 1.1, >= 1.1.1)
    unicode-display_width (1.8.0)
    wdm (0.1.1)
    webrick (1.7.0)

PLATFORMS
  ruby
  x64-mingw32

DEPENDENCIES
  jekyll (Sales_Web/wwwroot/> 4.2.1)
  jekyll-seo-tag (Sales_Web/wwwroot/> 2.7.1)
  jekyll-sitemap (Sales_Web/wwwroot/> 1.4.0)
  wdm (Sales_Web/wwwroot/> 0.1.1)
  webrick (Sales_Web/wwwroot/> 1.7)

BUNDLED WITH
   2.3.6
